GEM
  remote: http://rubygems.org/
  specs:
    RedCloth (4.2.3)
    RubyInline (3.8.6)
      ZenTest (~> 4.3)
    ZenTest (4.4.2)
    activesupport (3.0.3)
    compass (0.10.6)
      haml (>= 3.0.4)
    couch_docs (1.3.1)
      directory_watcher (~> 1.3.0)
      json (~> 1.4.0)
      mime-types (~> 1.16)
      rest-client (~> 1.6.0)
    daemons (1.1.0)
    diff-lcs (1.1.2)
    directory_watcher (1.3.2)
    eventmachine (0.12.10)
    haml (3.0.25)
    i18n (0.5.0)
    image_science (1.2.1)
    json (1.4.6)
    mail (2.2.15)
      activesupport (>= 2.3.6)
      i18n (>= 0.4.0)
      mime-types (~> 1.16)
      treetop (~> 1.4.8)
    mime-types (1.16)
    nokogiri (1.4.4)
    polyglot (0.3.1)
    pony (1.1)
      mail (> 2.0)
    rack (1.2.1)
    rack-cache (1.0)
      rack (>= 0.4)
    rack-rewrite (1.0.2)
    rack-test (0.5.7)
      rack (>= 1.0)
    rest-client (1.6.1)
      mime-types (>= 1.16)
    rspec (2.4.0)
      rspec-core (~> 2.4.0)
      rspec-expectations (~> 2.4.0)
      rspec-mocks (~> 2.4.0)
    rspec-core (2.4.0)
    rspec-expectations (2.4.0)
      diff-lcs (~> 1.1.2)
    rspec-mocks (2.4.0)
    sinatra (1.1.2)
      rack (~> 1.1)
      tilt (~> 1.2)
    thin (1.2.2)
      daemons (>= 1.0.9)
      eventmachine (>= 0.12.6)
      rack (>= 1.0.0)
    tilt (1.2.2)
    treetop (1.4.9)
      polyglot (>= 0.3.1)
    webrat (0.7.3)
      nokogiri (>= 1.2.0)
      rack (>= 1.0)
      rack-test (>= 0.5.3)

PLATFORMS
  ruby

DEPENDENCIES
  RedCloth
  RubyInline
  compass
  couch_docs (= 1.3.1)
  haml
  image_science
  json
  pony
  rack
  rack-cache
  rack-rewrite
  rest-client
  rspec
  sinatra
  thin (= 1.2.2)
  webrat
